PATH
  remote: .
  specs:
    hyrax-sso (0.1.0)
      workos (~> 2.10)

GEM
  remote: https://rubygems.org/
  specs:
    diff-lcs (1.5.0)
    rake (12.3.3)
    rspec (3.12.0)
      rspec-core (~> 3.12.0)
      rspec-expectations (~> 3.12.0)
      rspec-mocks (~> 3.12.0)
    rspec-core (3.12.2)
      rspec-support (~> 3.12.0)
    rspec-expectations (3.12.3)
      diff-lcs (>= 1.2.0, < 2.0)
      rspec-support (~> 3.12.0)
    rspec-mocks (3.12.6)
      diff-lcs (>= 1.2.0, < 2.0)
      rspec-support (~> 3.12.0)
    rspec-support (3.12.1)
    sorbet-runtime (0.5.11147)
    workos (2.16.0)
      sorbet-runtime (~> 0.5)

PLATFORMS
  ruby

DEPENDENCIES
  hyrax-sso!
  rake (~> 12.0)
  rspec (~> 3.0)

BUNDLED WITH
   2.1.4
